GEM
  remote: https://gems.ruby-china.org/
  specs:
    ethon (0.9.1)
      ffi (>= 1.3.0)
    ffi (1.9.14)
    mini_portile2 (2.1.0)
    nokogiri (1.6.8.1)
      mini_portile2 (~> 2.1.0)
    typhoeus (1.1.0)
      ethon (>= 0.9.0)

PLATFORMS
  ruby

DEPENDENCIES
  nokogiri
  typhoeus

BUNDLED WITH
   1.13.1
